GEM
  remote: https://rubygems.org/
  specs:
    babosa (1.0.2)
    colored (1.2)
    commander (4.4.0)
      highline (~> 1.7.2)
    credentials_manager (0.16.2)
      colored
      commander (>= 4.3.5)
      highline (>= 1.7.1)
      security
    excon (0.54.0)
    fastlane_core (0.57.1)
      babosa
      colored
      commander (>= 4.4.0, <= 5.0.0)
      credentials_manager (>= 0.16.2, < 1.0.0)
      excon (>= 0.45.0, < 1.0)
      gh_inspector (>= 1.0.1, < 2.0.0)
      highline (>= 1.7.2)
      json
      multi_json
      plist (>= 3.1.0, < 4.0.0)
      rubyzip (~> 1.1.6)
      terminal-table (>= 1.4.5, < 2.0.0)
    gh_inspector (1.0.2)
    highline (1.7.8)
    json (1.8.3)
    multi_json (1.12.1)
    plist (3.2.0)
    rouge (1.11.1)
    rubyzip (1.1.7)
    scan (0.14.2)
      fastlane_core (>= 0.57.0, < 1.0.0)
      slack-notifier (~> 1.3)
      terminal-table (>= 1.4.5, < 2.0.0)
      xcpretty (>= 0.2.4, < 1.0.0)
      xcpretty-travis-formatter (>= 0.0.3)
    security (0.1.3)
    slack-notifier (1.5.1)
    terminal-table (1.4.5)
    xcpretty (0.2.4)
      rouge (~> 1.8)
    xcpretty-travis-formatter (0.0.4)
      xcpretty (~> 0.2, >= 0.0.7)

PLATFORMS
  ruby

DEPENDENCIES
  scan

BUNDLED WITH
   1.13.6
